PATH
  remote: .
  specs:
    gaap (0.0.1)
      bundler
      erubis (~> 2.7.0)
      json (~> 1.7.5)
      rack (~> 1.4.1)
      rack-protection
      rack-test
      rake (~> 10.0.3)
      router_simple (~> 0.0.1)

GEM
  remote: https://rubygems.org/
  specs:
    erubis (2.7.0)
    httpclient (2.3.0.1)
    json (1.7.5)
    rack (1.4.1)
    rack-protection (1.3.2)
      rack
    rack-test (0.6.2)
      rack (>= 1.0)
    rake (10.0.3)
    router_simple (0.0.2)

PLATFORMS
  ruby

DEPENDENCIES
  gaap!
  httpclient
