GEM
  specs:
    diff-lcs (1.1.3)
    erubis (2.7.0)
    rack (1.4.1)
    rspec (2.12.0)
      rspec-core (~> 2.12.0)
      rspec-expectations (~> 2.12.0)
      rspec-mocks (~> 2.12.0)
    rspec-core (2.12.2)
    rspec-expectations (2.12.1)
      diff-lcs (~> 1.1.3)
    rspec-mocks (2.12.1)
    tilt (1.3.3)

PLATFORMS
  ruby

DEPENDENCIES
  erubis
  rack
  rspec
  tilt
