PATH
  remote: .
  specs:
    Gaap (0.0.1)
      erubis (~> 2.7.0)
      json (~> 1.7.5)
      rack (~> 1.4.1)
      router_simple (~> 0.0.1)

GEM
  remote: https://rubygems.org/
  specs:
    erubis (2.7.0)
    httpclient (2.3.0.1)
    json (1.7.5)
    rack (1.4.1)
    router_simple (0.0.1)

PLATFORMS
  ruby

DEPENDENCIES
  Gaap!
  httpclient
